GEM
  remote: https://rubygems.org/
  specs:
    Codependent (0.1)

PLATFORMS
  ruby

DEPENDENCIES
  Codependent

BUNDLED WITH
   1.13.6
